PATH
  remote: .
  specs:
    gemcheck (0.1.0)
      bundler
      zeitwerk (~> 2.6)

GEM
  remote: https://rubygems.org/
  specs:
    minitest (5.18.0)
    rake (13.0.6)
    zeitwerk (2.6.7)

PLATFORMS
  arm64-darwin-22

DEPENDENCIES
  gemcheck!
  minitest (~> 5.0)
  rake (~> 13.0)

BUNDLED WITH
   2.4.6
